GEM
  remote: https://rubygems.org/
  specs:
    addressable (2.3.6)
    fastimage (1.6.4)
      addressable (~> 2.3, >= 2.3.5)
    rack (1.5.2)
    rack-protection (1.5.3)
      rack
    sinatra (1.4.5)
      rack (~> 1.4)
      rack-protection (~> 1.4)
      tilt (~> 1.3, >= 1.3.4)
    tilt (1.4.1)

PLATFORMS
  ruby

DEPENDENCIES
  fastimage
  sinatra
